PATH
  remote: .
  specs:
    tianguis (0.1.0)
      faraday (~> 0.10)
      nokogiri (>= 1.10.0)

GEM
  remote: https://rubygems.org/
  specs:
    faraday (0.17.0)
      multipart-post (>= 1.2, < 3)
    mini_portile2 (2.4.0)
    minitest (5.12.2)
    multipart-post (2.1.1)
    nokogiri (1.10.4)
      mini_portile2 (~> 2.4.0)
    rake (10.5.0)

PLATFORMS
  ruby

DEPENDENCIES
  bundler (~> 2.0)
  minitest (~> 5.0)
  rake (~> 10.0)
  tianguis!

BUNDLED WITH
   2.0.2
