PATH
  remote: .
  specs:
    tianguis (0.1.0)
      faraday (~> 0.10)
      nokogiri (>= 1.10.0)

GEM
  remote: https://rubygems.org/
  specs:
    awesome_print (1.8.0)
    coderay (1.1.2)
    faraday (0.17.0)
      multipart-post (>= 1.2, < 3)
    method_source (0.9.2)
    mini_portile2 (2.4.0)
    minitest (5.12.2)
    multipart-post (2.1.1)
    nokogiri (1.10.4)
      mini_portile2 (~> 2.4.0)
    pry (0.12.2)
      coderay (~> 1.1.0)
      method_source (~> 0.9.0)
    rake (10.5.0)
    vcr (5.0.0)

PLATFORMS
  ruby

DEPENDENCIES
  awesome_print
  bundler (~> 2.0)
  minitest (~> 5.0)
  pry
  rake (~> 10.0)
  tianguis!
  vcr (~> 5.0)

BUNDLED WITH
   2.0.2
